GEM
  remote: http://rubygems.org/
  specs:
    blankslate (2.1.2.3)
    diff-lcs (1.1.2)
    ffi (1.0.5)
      rake (>= 0.8.7)
    minitest (2.0.2)
    parslet (1.0.1)
      blankslate (~> 2.1.2.3)
    rake (0.8.7)
    rspec (2.4.0)
      rspec-core (~> 2.4.0)
      rspec-expectations (~> 2.4.0)
      rspec-mocks (~> 2.4.0)
    rspec-core (2.4.0)
    rspec-expectations (2.4.0)
      diff-lcs (~> 1.1.2)
    rspec-mocks (2.4.0)
    ruby-llvm (2.7.0)
      ffi (>= 0.5.4)

PLATFORMS
  ruby

DEPENDENCIES
  minitest
  parslet
  rspec
  ruby-llvm
