GEM
  remote: http://rubygems.org/
  specs:
    ffi (1.0.4)
      rake (>= 0.8.7)
    rake (0.8.7)
    ruby-llvm (2.7.0)
      ffi (>= 0.5.4)

PLATFORMS
  ruby

DEPENDENCIES
  ruby-llvm
